GEM
  remote: http://rubygems.org/
  specs:
    activesupport (3.0.9)
    crack (0.1.6)
    git (1.2.5)
    httparty (0.5.2)
      crack (= 0.1.6)
    i18n (0.6.0)
    jeweler (1.6.0)
      bundler (~> 1.0.0)
      git (>= 1.2.5)
      rake
    rake (0.8.7)
    rcov (0.9.9)

PLATFORMS
  ruby

DEPENDENCIES
  activesupport (>= 2.3.5)
  bundler (~> 1.0.0)
  httparty (>= 0.4.4)
  i18n (>= 0.6.0)
  jeweler (~> 1.6.0)
  rcov
